GEM
  remote: http://rubygems.org/
  specs:
    httparty (0.9.0)
      multi_json (~> 1.0)
      multi_xml
    json (1.7.5)
    json (1.7.5-java)
    multi_json (1.3.6)
    multi_xml (0.5.1)
    puma (1.6.3)
      rack (~> 1.2)
    puma (1.6.3-java)
      rack (~> 1.2)
    rack (1.4.1)
    rack-protection (1.2.0)
      rack
    sinatra (1.3.3)
      rack (~> 1.3, >= 1.3.6)
      rack-protection (~> 1.2)
      tilt (~> 1.3, >= 1.3.3)
    tagz (9.6.0)
    tilt (1.3.3)

PLATFORMS
  java
  ruby

DEPENDENCIES
  httparty (~> 0.9)
  json (~> 1.7.5)
  puma
  sinatra (~> 1.3)
  tagz (~> 9.6)
